PATH
  remote: .
  specs:
    logue (1.0.12)

GEM
  remote: https://rubygems.org/
  specs:
    paramesan (0.1.1)
    power_assert (1.1.1)
    rainbow (3.0.0)
    rake (10.5.0)
    test-unit (3.2.7)
      power_assert

PLATFORMS
  ruby

DEPENDENCIES
  bundler (~> 1.16)
  logue!
  paramesan (~> 0.1.1)
  rainbow (~> 3.0.0)
  rake (~> 10.0)
  test-unit (~> 3.1)

BUNDLED WITH
   1.16.1
